GEM
  remote: https://rubygems.org/
  specs:
    activesupport (3.2.8)
      i18n (~> 0.6)
      multi_json (~> 1.0)
    amq-client (0.9.5)
      amq-protocol (>= 0.9.4)
      eventmachine
    amq-protocol (0.9.5)
    amqp (0.9.8)
      amq-client (~> 0.9.5)
      amq-protocol (>= 0.9.4)
      eventmachine
    bson (1.7.0)
    bson_ext (1.7.0)
      bson (~> 1.7.0)
    bunny (0.8.0)
    capistrano (2.13.5)
      highline
      net-scp (>= 1.0.0)
      net-sftp (>= 2.0.0)
      net-ssh (>= 2.0.14)
      net-ssh-gateway (>= 1.1.0)
    daemons (1.1.9)
    eventmachine (1.0.0)
    fast-stemmer (1.0.1)
    highline (1.6.15)
    i18n (0.6.1)
    mongo (1.7.0)
      bson (~> 1.7.0)
    msgpack (0.4.7)
    multi_json (1.3.6)
    net-scp (1.0.4)
      net-ssh (>= 1.99.1)
    net-sftp (2.0.5)
      net-ssh (>= 2.0.9)
    net-ssh (2.6.1)
    net-ssh-gateway (1.1.0)
      net-ssh (>= 1.99.1)
    railsless-deploy (1.0.2)
    redis (3.0.2)
    sequel (3.41.0)
    sqlite3 (1.3.6)
    stuff-classifier (0.5)
      fast-stemmer (>= 1.0)
      msgpack
      sequel
      sqlite3

PLATFORMS
  ruby

DEPENDENCIES
  activesupport
  amqp
  bson_ext
  bunny
  capistrano
  daemons
  mongo
  railsless-deploy
  redis
  stuff-classifier
